PATH
  remote: .
  specs:
    hook-client (0.1.0)
      addressable (~> 2.3)
      http (~> 0.6.0)
      rake

GEM
  remote: https://rubygems.org/
  specs:
    activemodel (~> 4.1.14.1)
      activesupport (~> 4.1.11)
      builder (~> 3.1)
    activesupport (~> 4.1.11)
      i18n (~> 0.6, >= 0.6.9)
      json (~> 1.7, >= 1.7.7)
      minitest (~> 5.1)
      thread_safe (~> 0.1)
      tzinfo (~> 1.1)
    addressable (2.3.6)
    builder (3.2.2)
    diff-lcs (1.2.5)
    http (0.6.2)
      http_parser.rb (~> 0.6.0)
    http_parser.rb (0.6.0)
    i18n (0.6.9)
    json (1.8.1)
    minitest (5.3.4)
    rake (10.3.2)
    rspec (3.0.0)
      rspec-core (~> 3.0.0)
      rspec-expectations (~> 3.0.0)
      rspec-mocks (~> 3.0.0)
    rspec-core (3.0.0)
      rspec-support (~> 3.0.0)
    rspec-expectations (3.0.0)
      diff-lcs (>= 1.2.0, < 2.0)
      rspec-support (~> 3.0.0)
    rspec-mocks (3.0.1)
      rspec-support (~> 3.0.0)
    rspec-support (3.0.0)
    thread_safe (0.3.4)
    tzinfo (1.2.1)
      thread_safe (~> 0.1)
    yard (~> 0.9.11)

PLATFORMS
  ruby

DEPENDENCIES
  activemodel (>= 3.0.0)
  hook-client!
  rspec (>= 2.0.0)
  yard
